PATH
  remote: .
  specs:
    backports (3.7.0)

GEM
  remote: http://rubygems.org/
  specs:
    activesupport (4.0.13)
      i18n (~> 0.6, >= 0.6.9)
      minitest (~> 4.2)
      multi_json (~> 1.3)
      thread_safe (~> 0.1)
      tzinfo (~> 0.3.37)
    concurrent-ruby (1.1.10)
    i18n (0.9.5)
      concurrent-ruby (~> 1.0)
    minitest (4.7.5)
    mspec (1.9.1)
    multi_json (1.15.0)
    rake (10.1.0)
    test-unit (2.1.1)
    thread_safe (0.3.6)
    thread_safe (0.3.6-java)
    tzinfo (0.3.61)

PLATFORMS
  java
  ruby

DEPENDENCIES
  activesupport
  backports!
  minitest (< 5.0.0)
  mspec
  rake
  test-unit
